GEM
  remote: https://rubygems.org/
  specs:
    coderay (1.0.9)
    daemons (1.1.9)
    deckrb (0.5.0)
      coderay
      erector (>= 0.9.0)
      json
      nokogiri
      rack (>= 1.4.1)
      rack-codehighlighter
      redcarpet (~> 2)
      thin
      trollop
    erector (0.9.0)
      treetop (>= 1.2.3)
    eventmachine (1.0.3)
    json (1.7.7)
    nokogiri (1.5.9)
    polyglot (0.3.3)
    rack (1.5.2)
    rack-codehighlighter (0.5.0)
      nokogiri (>= 1.4.1)
      rack (>= 1.0.0)
    redcarpet (2.2.2)
    thin (1.5.1)
      daemons (>= 1.0.9)
      eventmachine (>= 0.12.6)
      rack (>= 1.0.0)
    treetop (1.4.12)
      polyglot
      polyglot (>= 0.3.1)
    trollop (2.0)

PLATFORMS
  ruby

DEPENDENCIES
  deckrb
  thin
